PATH
  remote: .
  specs:
    guard-test (0.1.2)
      guard (>= 0.2.1)

GEM
  remote: http://rubygems.org/
  specs:
    configuration (1.1.0)
    diff-lcs (1.1.2)
    guard (0.2.1)
      open_gem (~> 1.4.2)
      thor (~> 0.14.3)
    launchy (0.3.7)
      configuration (>= 0.0.5)
      rake (>= 0.8.1)
    open_gem (1.4.2)
      launchy (~> 0.3.5)
    rake (0.8.7)
    rspec (2.0.1)
      rspec-core (~> 2.0.1)
      rspec-expectations (~> 2.0.1)
      rspec-mocks (~> 2.0.1)
    rspec-core (2.0.1)
    rspec-expectations (2.0.1)
      diff-lcs (>= 1.1.2)
    rspec-mocks (2.0.1)
      rspec-core (~> 2.0.1)
      rspec-expectations (~> 2.0.1)
    test-unit (2.1.1)
    thor (0.14.3)

PLATFORMS
  ruby

DEPENDENCIES
  bundler (~> 1.0.3)
  guard (>= 0.2.1)
  guard-test!
  rspec (~> 2.0.1)
  test-unit (~> 2.1.1)
