PATH
  remote: .
  specs:
    guard-test (0.1.3)
      guard (>= 0.2)
      test-unit (~> 2.1)

GEM
  remote: http://rubygems.org/
  specs:
    configuration (1.1.0)
    diff-lcs (1.1.2)
    growl (1.0.3)
    guard (0.2.2)
      open_gem (~> 1.4.2)
      thor (~> 0.14.3)
    guard-rspec (0.1.8)
      guard (>= 0.2.0)
    launchy (0.3.7)
      configuration (>= 0.0.5)
      rake (>= 0.8.1)
    open_gem (1.4.2)
      launchy (~> 0.3.5)
    rake (0.8.7)
    rb-fsevent (0.3.9)
    rspec (2.1.0)
      rspec-core (~> 2.1.0)
      rspec-expectations (~> 2.1.0)
      rspec-mocks (~> 2.1.0)
    rspec-core (2.1.0)
    rspec-expectations (2.1.0)
      diff-lcs (~> 1.1.2)
    rspec-mocks (2.1.0)
    test-unit (2.1.1)
    thor (0.14.4)

PLATFORMS
  ruby

DEPENDENCIES
  bundler (>= 1.0)
  growl (~> 1.0.3)
  guard (>= 0.2)
  guard-rspec (>= 0.1)
  guard-test!
  rb-fsevent (>= 0.3.2)
  rspec (>= 2.1)
  test-unit (~> 2.1)
