PATH
  remote: .
  specs:
    guard-test (0.1.0)
      guard (~> 0.2.0.beta.1)

GEM
  remote: http://rubygems.org/
  specs:
    diff-lcs (1.1.2)
    ffi (0.6.3)
      rake (>= 0.8.7)
    growl (1.0.3)
    guard (0.2.0.beta.1)
      bundler (~> 1.0.2)
      growl (~> 1.0.3)
      libnotify (~> 0.1.3)
      thor (~> 0.14.3)
    guard-rspec (0.1.3)
      guard
    libnotify (0.1.4)
      ffi (>= 0.6.2)
    rake (0.8.7)
    rspec (2.0.0)
      rspec-core (= 2.0.0)
      rspec-expectations (= 2.0.0)
      rspec-mocks (= 2.0.0)
    rspec-core (2.0.0)
    rspec-expectations (2.0.0)
      diff-lcs (>= 1.1.2)
    rspec-mocks (2.0.0)
      rspec-core (= 2.0.0)
      rspec-expectations (= 2.0.0)
    test-unit (2.1.1)
    thor (0.14.3)

PLATFORMS
  ruby

DEPENDENCIES
  bundler (~> 1.0.2)
  guard (~> 0.2.0.beta.1)
  guard-rspec (~> 0.1.3)
  guard-test!
  rspec (~> 2.0.0)
  test-unit (~> 2.1.1)
